GEM
  remote: https://rubygems.org/
  specs:
    activemodel (7.0.4)
      activesupport (= 7.0.4)
    activesupport (7.0.4)
      concurrent-ruby (~> 1.0, >= 1.0.2)
      i18n (>= 1.6, < 2)
      minitest (>= 5.1)
      tzinfo (~> 2.0)
    addressable (2.8.1)
      public_suffix (>= 2.0.2, < 6.0)
    concurrent-ruby (1.1.10)
    crack (0.4.5)
      rexml
    faraday (2.5.2)
      faraday-net_http (>= 2.0, < 3.1)
      ruby2_keywords (>= 0.0.4)
    faraday-net_http (3.0.0)
    hashdiff (1.0.1)
    hashie (5.0.0)
    i18n (1.12.0)
      concurrent-ruby (~> 1.0)
    json (2.6.2)
    minitest (5.17.0)
    minitest-stub_any_instance (1.0.3)
    oauth (1.1.0)
      oauth-tty (~> 1.0, >= 1.0.1)
      snaky_hash (~> 2.0)
      version_gem (~> 1.1)
    oauth-tty (1.0.5)
      version_gem (~> 1.1, >= 1.1.1)
    public_suffix (5.0.0)
    rexml (3.2.5)
    ruby-trello (4.0.0)
      activemodel (>= 6.0.0)
      addressable (~> 2.3)
      faraday (~> 2.0)
      json (>= 2.3.0)
      oauth (>= 0.4.5)
    ruby2_keywords (0.0.5)
    snaky_hash (2.0.1)
      hashie
      version_gem (~> 1.1, >= 1.1.1)
    tzinfo (2.0.5)
      concurrent-ruby (~> 1.0)
    version_gem (1.1.1)
    webmock (3.18.1)
      addressable (>= 2.8.0)
      crack (>= 0.3.2)
      hashdiff (>= 0.4.0, < 2.0.0)

PLATFORMS
  ruby

DEPENDENCIES
  minitest
  minitest-stub_any_instance
  ruby-trello
  webmock

BUNDLED WITH
   2.1.4
